NRRD0005
# Complete NRRD file format specification at:
# http://teem.sourceforge.net/nrrd/format.html
type: float
dimension: 4
space: right-anterior-superior
sizes: 9 256 256 51
space directions: none (-1,0,0) (0,-1,0) (0,0,2.6000000000000001)
kinds: 3D-matrix domain domain domain
endian: little
encoding: gzip
space origin: (130.42699999999999,153.27799999999999,-6.2587900000000003)
measurement frame: (-1,0,0) (0,-1,0) (0,0,1)
data file: DTIVolume.raw.gz
